GEM
  remote: https://rubygems.org/
  specs:
    dotenv (2.2.0)
    rack (1.6.5)
    sinatra (1.1.0)
      rack (~> 1.1)
      tilt (~> 1.1)
    tilt (1.4.1)

PLATFORMS
  ruby

DEPENDENCIES
  dotenv
  sinatra (= 1.1.0)

BUNDLED WITH
   1.13.7
