GEM
  remote: https://rubygems.org/
  specs:
    bson (4.2.1)
    bson_ext (1.5.1)
    dotenv (2.2.0)
    mongo (2.4.1)
      bson (>= 4.2.1, < 5.0.0)
    rack (1.6.5)
    sinatra (1.1.0)
      rack (~> 1.1)
      tilt (~> 1.1)
    tilt (1.4.1)

PLATFORMS
  ruby

DEPENDENCIES
  bson_ext
  dotenv
  mongo (~> 2.2, >= 2.2.5)
  sinatra (= 1.1.0)

BUNDLED WITH
   1.13.7
