GEM
  remote: https://rubygems.org/
  specs:
    bson (4.2.1)
    bson_ext (1.5.1)
    diff-lcs (1.3)
    dotenv (2.2.0)
    mongo (2.4.1)
      bson (>= 4.2.1, < 5.0.0)
    rack (1.6.5)
    rack-test (0.6.3)
      rack (>= 1.0)
    rspec (3.5.0)
      rspec-core (~> 3.5.0)
      rspec-expectations (~> 3.5.0)
      rspec-mocks (~> 3.5.0)
    rspec-core (3.5.4)
      rspec-support (~> 3.5.0)
    rspec-expectations (3.5.0)
      diff-lcs (>= 1.2.0, < 2.0)
      rspec-support (~> 3.5.0)
    rspec-mocks (3.5.0)
      diff-lcs (>= 1.2.0, < 2.0)
      rspec-support (~> 3.5.0)
    rspec-support (3.5.0)
    sinatra (1.1.0)
      rack (~> 1.1)
      tilt (~> 1.1)
    tilt (1.4.1)

PLATFORMS
  ruby

DEPENDENCIES
  bson_ext
  dotenv
  mongo (~> 2.2, >= 2.2.5)
  rack-test
  rspec
  sinatra (= 1.1.0)

BUNDLED WITH
   1.13.7
